GEM
  remote: https://rubygems.org/
  specs:
    hkdf (0.3.0)
    jwt (1.5.6)
    rack (1.6.5)
    rack-protection (1.5.3)
      rack
    sinatra (1.4.7)
      rack (~> 1.5)
      rack-protection (~> 1.4)
      tilt (>= 1.3, < 3)
    slim (3.0.7)
      temple (~> 0.7.6)
      tilt (>= 1.3.3, < 2.1)
    temple (0.7.7)
    tilt (2.0.5)
    webpush (0.3.1)
      hkdf (~> 0.2)
      jwt

PLATFORMS
  ruby

DEPENDENCIES
  sinatra
  slim
  webpush

BUNDLED WITH
   1.13.2
